GEM
  remote: https://rubygems.org/
  specs:
    braintree (2.60.0)
      builder (>= 2.0.0)
    builder (3.2.2)
    haml (4.0.7)
      tilt
    rack (1.6.4)
    rack-protection (1.5.3)
      rack
    sass (3.4.22)
    shotgun (0.9.1)
      rack (>= 1.0)
    sinatra (1.4.7)
      rack (~> 1.5)
      rack-protection (~> 1.4)
      tilt (>= 1.3, < 3)
    tilt (2.0.2)

PLATFORMS
  ruby

DEPENDENCIES
  braintree
  haml
  sass
  shotgun
  sinatra

RUBY VERSION
   ruby 2.3.1p112

BUNDLED WITH
   1.12.1
