GEM
  remote: https://rubygems.org/
  specs:
    coderay (1.1.1)
    dotenv (2.1.1)
    haml (4.0.7)
      tilt
    method_source (0.8.2)
    mime-types (3.0)
      mime-types-data (~> 3.2015)
    mime-types-data (3.2016.0221)
    pry (0.10.3)
      coderay (~> 1.1.0)
      method_source (~> 0.8.1)
      slop (~> 3.4)
    rack (1.6.4)
    rack-protection (1.5.3)
      rack
    rest-client (1.6.7)
      mime-types (>= 1.16)
    sass (3.4.22)
    shotgun (0.9.1)
      rack (>= 1.0)
    sinatra (1.4.7)
      rack (~> 1.5)
      rack-protection (~> 1.4)
      tilt (>= 1.3, < 3)
    slop (3.6.0)
    stripe (1.42.0)
      rest-client (~> 1.4)
    tilt (2.0.2)

PLATFORMS
  ruby

DEPENDENCIES
  dotenv
  haml
  pry
  sass
  shotgun
  sinatra
  stripe

RUBY VERSION
   ruby 2.3.1p112

BUNDLED WITH
   1.12.1
